GEM
  remote: https://rubygems.org/
  specs:
    minitest (5.4.0)

PLATFORMS
  ruby

DEPENDENCIES
  minitest (~> 5.4)
